PATH
  remote: .
  specs:
    nodoor (0.1.0)
      dry-cli
      zeitwerk

GEM
  remote: https://rubygems.org/
  specs:
    byebug (11.1.3)
    concurrent-ruby (1.1.7)
    dry-cli (0.6.0)
      concurrent-ruby (~> 1.0)
    test_bench (1.2.0.5)
      test_bench-fixture (>= 1.0.0.0)
    test_bench-fixture (1.3.1.1)
    zeitwerk (2.4.2)

PLATFORMS
  x86_64-darwin-20

DEPENDENCIES
  byebug
  nodoor!
  test_bench

BUNDLED WITH
   2.2.3
